GEM
  remote: https://rubygems.org/
  specs:
    graphql (1.8.11)

PLATFORMS
  ruby

DEPENDENCIES
  graphql

BUNDLED WITH
   1.17.1
